GIT
  remote: git://github.com/odorcicd/authlogic.git
  revision: a087ad0cba3c165ba22fcf176c28b6f7517931e8
  branch: rails3
  specs:
    authlogic (2.1.3)
      activesupport

GIT
  remote: git://github.com/rails/exception_notification
  revision: 48cf43322841537a039ff13930c7316956230561
  specs:
    exception_notification (1.0.0)

GEM
  remote: http://rubygems.org/
  specs:
    abstract (1.0.0)
    actionmailer (3.0.0)
      actionpack (= 3.0.0)
      mail (~> 2.2.5)
    actionpack (3.0.0)
      activemodel (= 3.0.0)
      activesupport (= 3.0.0)
      builder (~> 2.1.2)
      erubis (~> 2.6.6)
      i18n (~> 0.4.1)
      rack (~> 1.2.1)
      rack-mount (~> 0.6.12)
      rack-test (~> 0.5.4)
      tzinfo (~> 0.3.23)
    activemodel (3.0.0)
      activesupport (= 3.0.0)
      builder (~> 2.1.2)
      i18n (~> 0.4.1)
    activerecord (3.0.0)
      activemodel (= 3.0.0)
      activesupport (= 3.0.0)
      arel (~> 1.0.0)
      tzinfo (~> 0.3.23)
    activeresource (3.0.0)
      activemodel (= 3.0.0)
      activesupport (= 3.0.0)
    activesupport (3.0.0)
    arel (1.0.1)
      activesupport (~> 3.0.0)
    authlogic_rpx (1.1.1)
      authlogic (>= 2.1.3)
      rpx_now (>= 0.6.12)
    builder (2.1.2)
    diff-lcs (1.1.2)
    erubis (2.6.6)
      abstract (>= 1.0.0)
    feedtools (0.2.29)
      activerecord (>= 1.10.1)
      builder (>= 1.2.4)
      uuidtools (>= 1.0.0)
    flutie (1.0.3)
    friendly_id (3.0.5)
      activerecord (>= 2.2)
      activesupport (>= 2.2)
    haml (3.0.18)
    i18n (0.4.1)
    json_pure (1.4.6)
    mail (2.2.5)
      activesupport (>= 2.3.6)
      mime-types
      treetop (>= 1.4.5)
    mime-types (1.16)
    mysql (2.8.1)
    nokogiri (1.4.3.1)
    polyglot (0.3.1)
    rack (1.2.1)
    rack-mount (0.6.13)
      rack (>= 1.0.0)
    rack-test (0.5.4)
      rack (>= 1.0)
    rails (3.0.0)
      actionmailer (= 3.0.0)
      actionpack (= 3.0.0)
      activerecord (= 3.0.0)
      activeresource (= 3.0.0)
      activesupport (= 3.0.0)
      bundler (~> 1.0.0)
      railties (= 3.0.0)
    railties (3.0.0)
      actionpack (= 3.0.0)
      activesupport (= 3.0.0)
      rake (>= 0.8.4)
      thor (~> 0.14.0)
    rake (0.8.7)
    rpx_now (0.6.23)
      json_pure
    rspec (2.0.0.beta.16)
      rspec-core (= 2.0.0.beta.16)
      rspec-expectations (= 2.0.0.beta.16)
      rspec-mocks (= 2.0.0.beta.16)
    rspec-core (2.0.0.beta.16)
    rspec-expectations (2.0.0.beta.16)
      diff-lcs (>= 1.1.2)
    rspec-mocks (2.0.0.beta.16)
    rspec-rails (2.0.0.beta.16)
      rspec (>= 2.0.0.beta.14)
      webrat (>= 0.7.0)
    sqlite3-ruby (1.3.1)
    thor (0.14.0)
    treetop (1.4.8)
      polyglot (>= 0.3.1)
    tzinfo (0.3.23)
    uuidtools (2.1.1)
    webrat (0.7.1)
      nokogiri (>= 1.2.0)
      rack (>= 1.0)
      rack-test (>= 0.5.3)

PLATFORMS
  ruby

DEPENDENCIES
  authlogic!
  authlogic_rpx
  exception_notification!
  feedtools
  flutie
  friendly_id (= 3.0.5)
  haml
  mysql (= 2.8.1)
  rails (= 3.0.0)
  rpx_now
  rspec (= 2.0.0.beta.16)
  rspec-rails (= 2.0.0.beta.16)
  sqlite3-ruby
